GEM
  remote: http://rubygems.org/
  specs:
    byebug (9.1.0)
    httparty (0.15.6)
      multi_xml (>= 0.5.2)
    multi_xml (0.6.0)
    rubyzip (1.2.1)
    zipruby (0.3.6)

PLATFORMS
  ruby

DEPENDENCIES
  byebug
  httparty
  rubyzip
  zipruby

RUBY VERSION
   ruby 2.4.0p0

BUNDLED WITH
   1.16.0.pre.2
